PATH
  remote: .
  specs:
    livehouse_get (1.0.0)

GEM
  remote: https://rubygems.org/
  specs:
    rake (10.4.2)

PLATFORMS
  ruby

DEPENDENCIES
  bundler
  livehouse_get!
  rake

BUNDLED WITH
   1.10.6
